GEM
  remote: https://rubygems.org/
  specs:
    mini_portile2 (2.4.0)
    nokogiri (1.10.5)
      mini_portile2 (~> 2.4.0)
    rss (0.2.8)

PLATFORMS
  ruby

DEPENDENCIES
  nokogiri
  rss

BUNDLED WITH
   2.0.2
